GIT
  remote: git://github.com/elliottsj/lita-latex.git
  revision: 37e83e1ef5cee0b764ef83ce1948e3c859210a33
  specs:
    lita-latex (0.0.3)
      lita

GEM
  remote: https://rubygems.org/
  specs:
    compass_rose (0.1.3)
    eventmachine (1.0.6)
    faraday (0.9.1)
      multipart-post (>= 1.2, < 3)
    faye-websocket (0.9.2)
      eventmachine (>= 0.12.0)
      websocket-driver (>= 0.5.1)
    forecast_io (2.0.0)
      faraday
      hashie
      multi_json
    geocoder (1.2.7)
    hashie (3.4.0)
    http_router (0.11.1)
      rack (>= 1.0.0)
      url_mount (~> 0.2.1)
    i18n (0.7.0)
    ice_nine (0.11.1)
    lita (4.2.0)
      bundler (>= 1.3)
      faraday (>= 0.8.7)
      http_router (>= 0.11.1)
      i18n (>= 0.6.9)
      ice_nine (>= 0.11.0)
      multi_json (>= 1.7.7)
      puma (>= 2.7.1)
      rack (>= 1.5.2)
      rb-readline (>= 0.5.1)
      redis-namespace (>= 1.3.0)
      thor (>= 0.18.1)
    lita-catfacts (0.0.4)
      lita (>= 2.3)
    lita-catgif (0.0.2)
      lita (>= 2.6)
    lita-coin (0.0.3)
      lita (>= 2.3)
    lita-forecast (0.1.7)
      compass_rose (~> 0.1.0)
      forecast_io (~> 2.0.0)
      geocoder (~> 1.1, >= 1.1.9)
      hashie (~> 3.0)
      lita (>= 3.0.0)
    lita-giphy (1.0.2)
      lita (>= 2.0)
    lita-slack (1.1.0)
      eventmachine
      faraday
      faye-websocket (>= 0.8.0)
      lita (>= 4.0.4)
      multi_json
    lita-xkcd (0.0.5)
      lita (>= 2.2)
    multi_json (1.10.1)
    multipart-post (2.0.0)
    puma (2.11.0)
      rack (>= 1.1, < 2.0)
    rack (1.6.0)
    rb-readline (0.5.2)
    redis (3.2.0)
    redis-namespace (1.5.1)
      redis (~> 3.0, >= 3.0.4)
    thor (0.19.1)
    url_mount (0.2.1)
      rack
    websocket-driver (0.5.1)
      websocket-extensions (>= 0.1.0)
    websocket-extensions (0.1.1)

PLATFORMS
  ruby

DEPENDENCIES
  lita
  lita-catfacts
  lita-catgif
  lita-coin
  lita-forecast
  lita-giphy
  lita-latex!
  lita-slack
  lita-xkcd
